GEM
  remote: https://rubygems.org/
  specs:
    faraday (2.3.0)
      faraday-net_http (~> 2.0)
      ruby2_keywords (>= 0.0.4)
    faraday-net_http (2.0.3)
    ruby2_keywords (0.0.5)

PLATFORMS
  arm64-darwin-21

DEPENDENCIES
  faraday

BUNDLED WITH
   2.3.17
